GIT
  remote: git://github.com/odorcicd/authlogic.git
  revision: a087ad0cba3c165ba22fcf176c28b6f7517931e8
  branch: rails3
  specs:
    authlogic (2.1.3)
      activesupport

GEM
  remote: http://rubygems.org/
  specs:
    POpen4 (0.1.4)
      Platform (>= 0.4.0)
      open4
    Platform (0.4.0)
    ZenTest (4.5.0)
    abstract (1.0.0)
    actionmailer (3.0.5)
      actionpack (= 3.0.5)
      mail (~> 2.2.15)
    actionpack (3.0.5)
      activemodel (= 3.0.5)
      activesupport (= 3.0.5)
      builder (~> 2.1.2)
      erubis (~> 2.6.6)
      i18n (~> 0.4)
      rack (~> 1.2.1)
      rack-mount (~> 0.6.13)
      rack-test (~> 0.5.7)
      tzinfo (~> 0.3.23)
    activemodel (3.0.5)
      activesupport (= 3.0.5)
      builder (~> 2.1.2)
      i18n (~> 0.4)
    activerecord (3.0.5)
      activemodel (= 3.0.5)
      activesupport (= 3.0.5)
      arel (~> 2.0.2)
      tzinfo (~> 0.3.23)
    activeresource (3.0.5)
      activemodel (= 3.0.5)
      activesupport (= 3.0.5)
    activesupport (3.0.5)
    acts-as-taggable-on (2.0.6)
    addressable (2.2.4)
    arel (2.0.9)
    autotest (4.4.6)
      ZenTest (>= 4.4.1)
    awesome_nested_set (1.4.3)
      activerecord (>= 1.1)
    aws-s3 (0.6.2)
      builder
      mime-types
      xml-simple
    babelphish (0.4.2)
      json
      ya2yaml
    babosa (0.3.3)
    bcrypt-ruby (2.1.4)
    builder (2.1.2)
    capybara (0.4.1.2)
      celerity (>= 0.7.9)
      culerity (>= 0.2.4)
      mime-types (>= 1.16)
      nokogiri (>= 1.3.3)
      rack (>= 1.0.0)
      rack-test (>= 0.5.4)
      selenium-webdriver (>= 0.0.27)
      xpath (~> 0.1.3)
    celerity (0.8.9)
    childprocess (0.1.8)
      ffi (~> 1.0.6)
    closure-compiler (1.1.1)
    columnize (0.3.2)
    configuration (1.2.0)
    contacts (1.2.4)
      gdata (= 1.1.1)
      json (>= 0.4.1)
    crack (0.1.8)
    cucumber (0.10.2)
      builder (>= 2.1.2)
      diff-lcs (>= 1.1.2)
      gherkin (>= 2.3.5)
      json (>= 1.4.6)
      term-ansicolor (>= 1.0.5)
    cucumber-rails (0.4.1)
      cucumber (>= 0.10.1)
      nokogiri (>= 1.4.4)
      rack-test (>= 0.5.7)
    culerity (0.2.15)
    daemons (1.1.3)
    database_cleaner (0.6.7)
    delayed_job (2.1.1)
      activesupport (~> 3.0)
      daemons
    diff-lcs (1.1.2)
    erubis (2.6.6)
      abstract (>= 1.0.0)
    escape (0.0.4)
    factory_girl (1.3.3)
    faraday (0.6.1)
      addressable (~> 2.2.4)
      multipart-post (~> 1.1.0)
      rack (< 2, >= 1.1.0)
    fastercsv (1.5.4)
    ffi (1.0.7)
      rake (>= 0.8.7)
    friendly_id (3.2.1.1)
      babosa (~> 0.3.0)
    gdata (1.1.1)
    geokit (1.5.0)
    gherkin (2.3.7)
      json (>= 1.4.6)
    hashie (0.4.0)
    hoptoad_notifier (2.4.9)
      activesupport
      builder
    hpricot (0.8.4)
    httparty (0.6.1)
      crack (= 0.1.8)
    i18n (0.5.0)
    jammit (0.6.0)
      closure-compiler (>= 0.1.0)
      yui-compressor (>= 0.9.1)
    json (1.5.1)
    json_pure (1.5.1)
    launchy (0.4.0)
      configuration (>= 0.0.5)
      rake (>= 0.8.1)
    linecache (0.43)
    mail (2.2.19)
      activesupport (>= 2.3.6)
      i18n (>= 0.4.0)
      mime-types (~> 1.16)
      treetop (~> 1.4.8)
    mime-types (1.16)
    muck-activities (3.2.0)
      muck-comments
      muck-engine
      muck-users
    muck-auth (3.5.1)
      muck-engine
      muck-users
      omniauth
      overlord
    muck-comments (3.2.0)
      muck-engine
      muck-users
      nested_set
      sanitize
    muck-contents (3.1.6)
      acts-as-taggable-on
      awesome_nested_set
      babelphish
      friendly_id (>= 3.2.0)
      muck-comments
      muck-engine
      muck-users
      nested_set
      sanitize
      tiny_mce
      uploader
    muck-engine (3.3.5)
      overlord
      validation_reflection
      will_paginate (~> 3.0.pre2)
    muck-friends (3.1.1)
      muck-engine
      muck-profiles
      muck-users
    muck-invites (3.4.0)
      contacts (>= 1.2.4)
      hpricot
      muck-auth (>= 3.5.1)
      muck-engine (>= 3.3.4)
      muck-portablecontacts
    muck-portablecontacts (0.2.0)
      activesupport
      json
      oauth (>= 0.3.6)
    muck-profiles (3.1.2)
      geokit
      muck-comments
      muck-contents
      muck-engine
      muck-raker
      muck-shares
      muck-solr
      muck-users
      paperclip
      sanitize
      uploader
    muck-raker (3.1.0)
    muck-shares (3.1.1)
      muck-activities
      muck-comments
      muck-engine
      muck-users
    muck-solr (3.0.1)
    muck-users (3.2.2)
      authlogic
      bcrypt-ruby
      friendly_id
      muck-engine
    multi_json (0.0.5)
    multipart-post (1.1.0)
    mysql (2.8.1)
    nested_set (1.6.4)
      activerecord (>= 3.0.0)
      railties (>= 3.0.0)
    net-ldap (0.1.1)
    newrelic_rpm (2.14.1)
    nokogiri (1.4.4)
    oa-basic (0.2.4)
      oa-core (= 0.2.4)
      rest-client (~> 1.6.0)
    oa-core (0.2.4)
    oa-enterprise (0.2.4)
      addressable (= 2.2.4)
      net-ldap (~> 0.1.1)
      nokogiri (~> 1.4.2)
      oa-core (= 0.2.4)
      pyu-ruby-sasl (~> 0.0.3.1)
      rubyntlm (~> 0.1.1)
    oa-more (0.2.4)
      multi_json (~> 0.0.2)
      oa-core (= 0.2.4)
      rest-client (~> 1.6.0)
    oa-oauth (0.2.4)
      faraday (~> 0.6.1)
      multi_json (>= 0.0.5)
      nokogiri (~> 1.4.2)
      oa-core (= 0.2.4)
      oauth (~> 0.4.0)
      oauth2 (~> 0.4.1)
    oa-openid (0.2.4)
      oa-core (= 0.2.4)
      rack-openid (~> 1.2.0)
      ruby-openid-apps-discovery
    oauth (0.4.4)
    oauth2 (0.4.1)
      faraday (~> 0.6.1)
      multi_json (>= 0.0.5)
    omniauth (0.2.4)
      oa-basic (= 0.2.4)
      oa-core (= 0.2.4)
      oa-enterprise (= 0.2.4)
      oa-more (= 0.2.4)
      oa-oauth (= 0.2.4)
      oa-openid (= 0.2.4)
    open4 (1.0.1)
    overlord (3.0.2)
      httparty
      json
    paperclip (2.3.11)
      activerecord (>= 2.3.0)
      activesupport (>= 2.3.2)
    polyglot (0.3.1)
    pr_geohash (1.0.0)
    pyu-ruby-sasl (0.0.3.2)
    rack (1.2.2)
    rack-mount (0.6.14)
      rack (>= 1.0.0)
    rack-openid (1.2.0)
      rack (>= 1.1.0)
      ruby-openid (>= 2.1.8)
    rack-test (0.5.7)
      rack (>= 1.0)
    rails (3.0.5)
      actionmailer (= 3.0.5)
      actionpack (= 3.0.5)
      activerecord (= 3.0.5)
      activeresource (= 3.0.5)
      activesupport (= 3.0.5)
      bundler (~> 1.0)
      railties (= 3.0.5)
    railties (3.0.5)
      actionpack (= 3.0.5)
      activesupport (= 3.0.5)
      rake (>= 0.8.7)
      thor (~> 0.14.4)
    rake (0.8.7)
    rcov (0.9.9)
    recaptcha (0.3.1)
    rest-client (1.6.1)
      mime-types (>= 1.16)
    rsolr (0.12.1)
      builder (>= 2.1.2)
    rspec (2.5.0)
      rspec-core (~> 2.5.0)
      rspec-expectations (~> 2.5.0)
      rspec-mocks (~> 2.5.0)
    rspec-core (2.5.1)
    rspec-expectations (2.5.0)
      diff-lcs (~> 1.1.2)
    rspec-mocks (2.5.0)
    rspec-rails (2.5.0)
      actionpack (~> 3.0)
      activesupport (~> 3.0)
      railties (~> 3.0)
      rspec (~> 2.5.0)
    ruby-debug (0.10.4)
      columnize (>= 0.1)
      ruby-debug-base (~> 0.10.4.0)
    ruby-debug-base (0.10.4)
      linecache (>= 0.3)
    ruby-openid (2.1.8)
    ruby-openid-apps-discovery (1.2.0)
      ruby-openid (>= 2.1.7)
    rubyntlm (0.1.1)
    rubyzip (0.9.4)
    sanitize (2.0.1)
      nokogiri (~> 1.4.4)
    selenium-webdriver (0.2.0)
      childprocess (>= 0.1.7)
      ffi (>= 1.0.7)
      json_pure
      rubyzip
    shoulda (2.11.3)
    spork (0.8.4)
    sunspot (1.2.rc4)
      escape (= 0.0.4)
      pr_geohash (~> 1.0)
      rsolr (= 0.12.1)
    sunspot_rails (1.2.rc4)
      sunspot (= 1.2.rc4)
    term-ansicolor (1.0.5)
    thor (0.14.6)
    tiny_mce (0.1.4)
    treetop (1.4.9)
      polyglot (>= 0.3.1)
    twitter (0.9.12)
      hashie (~> 0.4.0)
      httparty (~> 0.6.1)
      multi_json (~> 0.0.4)
      oauth (~> 0.4.3)
    tzinfo (0.3.27)
    uploader (3.0.2)
      aws-s3
      mime-types
      paperclip
      rack
    validation_reflection (1.0.0)
    will_paginate (3.0.pre2)
    xml-simple (1.0.15)
    xpath (0.1.4)
      nokogiri (~> 1.3)
    ya2yaml (0.30)
    yui-compressor (0.9.6)
      POpen4 (>= 0.1.4)

PLATFORMS
  ruby

DEPENDENCIES
  acts-as-taggable-on
  authlogic!
  autotest
  babelphish
  bcrypt-ruby (>= 2.1.1)
  capybara
  cucumber
  cucumber-rails
  database_cleaner
  delayed_job (= 2.1.1)
  factory_girl
  fastercsv
  friendly_id (>= 3.1.7)
  geokit
  hoptoad_notifier
  jammit
  launchy
  muck-activities
  muck-comments
  muck-contents
  muck-engine
  muck-friends
  muck-invites (>= 3.4.0)
  muck-portablecontacts
  muck-profiles
  muck-shares
  muck-users
  mysql
  nested_set
  newrelic_rpm
  omniauth
  paperclip
  rack (>= 1.2.2)
  rails (= 3.0.5)
  rcov
  recaptcha
  rspec (>= 2.1.0)
  rspec-rails (>= 2.1.0)
  ruby-debug
  sanitize
  shoulda
  spork
  sunspot_rails (= 1.2.rc4)
  tiny_mce
  twitter (= 0.9.12)
  uploader
  will_paginate (~> 3.0.pre2)
