GIT
  remote: git://github.com/odorcicd/authlogic.git
  revision: a087ad0cba3c165ba22fcf176c28b6f7517931e8
  branch: rails3
  specs:
    authlogic (2.1.3)
      activesupport

GEM
  remote: http://rubygems.org/
  specs:
    POpen4 (0.1.4)
      Platform (>= 0.4.0)
      open4
    Platform (0.4.0)
    abstract (1.0.0)
    actionmailer (3.0.10)
      actionpack (= 3.0.10)
      mail (~> 2.2.19)
    actionpack (3.0.10)
      activemodel (= 3.0.10)
      activesupport (= 3.0.10)
      builder (~> 2.1.2)
      erubis (~> 2.6.6)
      i18n (~> 0.5.0)
      rack (~> 1.2.1)
      rack-mount (~> 0.6.14)
      rack-test (~> 0.5.7)
      tzinfo (~> 0.3.23)
    activemodel (3.0.10)
      activesupport (= 3.0.10)
      builder (~> 2.1.2)
      i18n (~> 0.5.0)
    activerecord (3.0.10)
      activemodel (= 3.0.10)
      activesupport (= 3.0.10)
      arel (~> 2.0.10)
      tzinfo (~> 0.3.23)
    activeresource (3.0.10)
      activemodel (= 3.0.10)
      activesupport (= 3.0.10)
    activesupport (3.0.10)
    acts-as-taggable-on (2.1.1)
      rails
    addressable (2.2.6)
    arel (2.0.10)
    awesome_nested_set (2.0.1)
      activerecord (>= 3.0.0)
    aws-s3 (0.6.2)
      builder
      mime-types
      xml-simple
    babelphish (0.4.4)
      json
      ya2yaml
    babosa (0.3.5)
    bcrypt-ruby (2.1.4)
    builder (2.1.2)
    capybara (1.0.1)
      mime-types (>= 1.16)
      nokogiri (>= 1.3.3)
      rack (>= 1.0.0)
      rack-test (>= 0.5.4)
      selenium-webdriver (~> 2.0)
      xpath (~> 0.1.4)
    childprocess (0.2.1)
      ffi (~> 1.0.6)
    cocaine (0.2.0)
    columnize (0.3.4)
    configuration (1.3.1)
    contacts (1.2.4)
      gdata (= 1.1.1)
      json (>= 0.4.1)
    crack (0.1.8)
    daemons (1.1.4)
    database_cleaner (0.6.7)
    delayed_job (2.1.1)
      activesupport (~> 3.0)
      daemons
    diff-lcs (1.1.2)
    erubis (2.6.6)
      abstract (>= 1.0.0)
    escape (0.0.4)
    factory_girl (2.0.4)
    fakeweb (1.3.0)
    faraday (0.6.1)
      addressable (~> 2.2.4)
      multipart-post (~> 1.1.0)
      rack (< 2, >= 1.1.0)
    fastercsv (1.5.4)
    ffi (1.0.9)
    friendly_id (3.2.1.1)
      babosa (~> 0.3.0)
    gdata (1.1.1)
    geokit (1.6.0)
    growl (1.0.3)
    guard (0.6.2)
      thor (~> 0.14.6)
    guard-rspec (0.4.2)
      guard (>= 0.4.0)
    hashie (0.4.0)
    hoptoad_notifier (2.4.11)
      activesupport
      builder
    hpricot (0.8.4)
    httparty (0.6.1)
      crack (= 0.1.8)
    i18n (0.5.0)
    jammit (0.6.3)
      yui-compressor (>= 0.9.3)
    json (1.5.3)
    json_pure (1.5.3)
    launchy (0.3.7)
      configuration (>= 0.0.5)
      rake (>= 0.8.1)
    linecache (0.46)
      rbx-require-relative (> 0.0.4)
    mail (2.2.19)
      activesupport (>= 2.3.6)
      i18n (>= 0.4.0)
      mime-types (~> 1.16)
      treetop (~> 1.4.8)
    mime-types (1.16)
    muck-activities (3.2.0)
      muck-comments
      muck-engine
      muck-users
    muck-auth (3.5.3)
      muck-engine
      muck-users
      omniauth
      overlord
    muck-comments (3.2.0)
      muck-engine
      muck-users
      nested_set
      sanitize
    muck-contents (3.1.7)
      acts-as-taggable-on
      awesome_nested_set
      babelphish
      friendly_id (>= 3.2.0)
      muck-comments
      muck-engine
      muck-users
      nested_set
      sanitize
      tiny_mce
      uploader
    muck-engine (3.3.14)
      overlord
      validation_reflection
      will_paginate (~> 3.0.0)
    muck-friends (3.1.1)
      muck-engine
      muck-profiles
      muck-users
    muck-invites (3.4.1)
      contacts (>= 1.2.4)
      hpricot
      muck-auth (>= 3.5.1)
      muck-engine (>= 3.3.4)
      muck-portablecontacts
    muck-portablecontacts (0.2.0)
      activesupport
      json
      oauth (>= 0.3.6)
    muck-profiles (3.1.4)
      muck-comments
      muck-contents
      muck-engine
      muck-raker
      muck-shares
      muck-users
      paperclip
      sanitize
      uploader
    muck-raker (3.1.0)
    muck-shares (3.2.0)
      muck-activities
      muck-comments
      muck-engine
      muck-invites
      muck-users
    muck-users (3.2.12)
      authlogic
      bcrypt-ruby
      friendly_id
      muck-engine
    multi_json (0.0.5)
    multipart-post (1.1.3)
    mysql (2.8.1)
    nested_set (1.6.7)
      activerecord (>= 3.0.0)
      railties (>= 3.0.0)
    newrelic_rpm (3.1.1)
    nokogiri (1.5.0)
    oa-core (0.0.5)
      rack (~> 1.1)
    oa-oauth (0.0.1)
      json
      nokogiri
      oa-core (~> 0.0.0)
      oauth
      oauth2
    oa-openid (0.0.5)
      oa-core (= 0.0.5)
      rack-openid (~> 1.1.1)
      ruby-openid-apps-discovery
    oauth (0.4.5)
    oauth2 (0.4.1)
      faraday (~> 0.6.1)
      multi_json (>= 0.0.5)
    omniauth (0.0.1)
      oa-core (~> 0.0.0)
      oa-oauth (~> 0.0.0)
      oa-openid (~> 0.0.0)
    open4 (1.1.0)
    overlord (3.0.2)
      httparty
      json
    paperclip (2.3.16)
      activerecord (>= 2.3.0)
      activesupport (>= 2.3.2)
      cocaine (>= 0.0.2)
      mime-types
    polyglot (0.3.2)
    pr_geohash (1.0.0)
    rack (1.2.3)
    rack-mount (0.6.14)
      rack (>= 1.0.0)
    rack-openid (1.1.2)
      rack (>= 0.4)
      ruby-openid (>= 2.0.3)
    rack-test (0.5.7)
      rack (>= 1.0)
    rails (3.0.10)
      actionmailer (= 3.0.10)
      actionpack (= 3.0.10)
      activerecord (= 3.0.10)
      activeresource (= 3.0.10)
      activesupport (= 3.0.10)
      bundler (~> 1.0)
      railties (= 3.0.10)
    railties (3.0.10)
      actionpack (= 3.0.10)
      activesupport (= 3.0.10)
      rake (>= 0.8.7)
      rdoc (~> 3.4)
      thor (~> 0.14.4)
    rake (0.9.2)
    rb-fsevent (0.4.3.1)
    rbx-require-relative (0.0.5)
    rcov (0.9.10)
    rdoc (3.9.2)
    recaptcha (0.3.1)
    rsolr (0.12.1)
      builder (>= 2.1.2)
    rspec (2.6.0)
      rspec-core (~> 2.6.0)
      rspec-expectations (~> 2.6.0)
      rspec-mocks (~> 2.6.0)
    rspec-core (2.6.4)
    rspec-expectations (2.6.0)
      diff-lcs (~> 1.1.2)
    rspec-mocks (2.6.0)
    rspec-rails (2.6.1)
      actionpack (~> 3.0)
      activesupport (~> 3.0)
      railties (~> 3.0)
      rspec (~> 2.6.0)
    ruby-debug (0.10.4)
      columnize (>= 0.1)
      ruby-debug-base (~> 0.10.4.0)
    ruby-debug-base (0.10.4)
      linecache (>= 0.3)
    ruby-openid (2.1.8)
    ruby-openid-apps-discovery (1.2.0)
      ruby-openid (>= 2.1.7)
    rubyzip (0.9.4)
    sanitize (2.0.3)
      nokogiri (>= 1.4.4, < 1.6)
    selenium-webdriver (2.4.0)
      childprocess (>= 0.2.1)
      ffi (>= 1.0.7)
      json_pure
      rubyzip
    shoulda (2.11.3)
    spork (0.9.0.rc9)
    sunspot (1.2.rc4)
      escape (= 0.0.4)
      pr_geohash (~> 1.0)
      rsolr (= 0.12.1)
    sunspot_rails (1.2.rc4)
      sunspot (= 1.2.rc4)
    thor (0.14.6)
    tiny_mce (0.1.4)
    treetop (1.4.10)
      polyglot
      polyglot (>= 0.3.1)
    twitter (0.9.12)
      hashie (~> 0.4.0)
      httparty (~> 0.6.1)
      multi_json (~> 0.0.4)
      oauth (~> 0.4.3)
    tzinfo (0.3.29)
    uploader (3.0.2)
      aws-s3
      mime-types
      paperclip
      rack
    validation_reflection (1.0.0)
    will_paginate (3.0.0)
    xml-simple (1.1.0)
    xpath (0.1.4)
      nokogiri (~> 1.3)
    ya2yaml (0.30)
    yui-compressor (0.9.6)
      POpen4 (>= 0.1.4)

PLATFORMS
  ruby

DEPENDENCIES
  acts-as-taggable-on
  authlogic!
  babelphish
  bcrypt-ruby (>= 2.1.1)
  capybara
  database_cleaner
  delayed_job (= 2.1.1)
  factory_girl
  fakeweb
  fastercsv
  friendly_id (>= 3.1.7)
  geokit
  growl
  guard-rspec
  hoptoad_notifier
  jammit
  launchy (~> 0.3.5)
  muck-activities
  muck-comments
  muck-contents
  muck-engine
  muck-friends
  muck-invites (>= 3.4.0)
  muck-portablecontacts
  muck-profiles
  muck-shares
  muck-users
  mysql
  nested_set
  newrelic_rpm
  omniauth
  paperclip
  rack (>= 1.2.2)
  rails (= 3.0.10)
  rb-fsevent
  rcov
  recaptcha
  rspec
  rspec-rails
  ruby-debug
  sanitize
  shoulda
  spork (~> 0.9.0.rc2)
  sunspot_rails (= 1.2.rc4)
  tiny_mce
  twitter (= 0.9.12)
  uploader
  will_paginate (~> 3.0.0)
