GIT
  remote: git://github.com/odorcicd/authlogic.git
  revision: a087ad0cba3c165ba22fcf176c28b6f7517931e8
  branch: rails3
  specs:
    authlogic (2.1.3)
      activesupport

GEM
  remote: http://rubygems.org/
  specs:
    POpen4 (0.1.4)
      Platform (>= 0.4.0)
      open4
    Platform (0.4.0)
    abstract (1.0.0)
    actionmailer (3.0.10)
      actionpack (= 3.0.10)
      mail (~> 2.2.19)
    actionpack (3.0.10)
      activemodel (= 3.0.10)
      activesupport (= 3.0.10)
      builder (~> 2.1.2)
      erubis (~> 2.6.6)
      i18n (~> 0.5.0)
      rack (~> 1.2.1)
      rack-mount (~> 0.6.14)
      rack-test (~> 0.5.7)
      tzinfo (~> 0.3.23)
    activemodel (3.0.10)
      activesupport (= 3.0.10)
      builder (~> 2.1.2)
      i18n (~> 0.5.0)
    activerecord (3.0.10)
      activemodel (= 3.0.10)
      activesupport (= 3.0.10)
      arel (~> 2.0.10)
      tzinfo (~> 0.3.23)
    activeresource (3.0.10)
      activemodel (= 3.0.10)
      activesupport (= 3.0.10)
    activesupport (3.0.10)
    acts-as-taggable-on (2.3.3)
      rails (~> 3.0)
    addressable (2.3.2)
    arel (2.0.10)
    awesome_nested_set (2.1.5)
      activerecord (>= 3.0.0)
    aws-s3 (0.6.3)
      builder
      mime-types
      xml-simple
    babelphish (0.4.5)
      json
      ya2yaml
    babosa (0.2.2)
    bcrypt-ruby (3.0.1)
    bourne (1.1.2)
      mocha (= 0.10.5)
    builder (2.1.2)
    capybara (2.0.1)
      mime-types (>= 1.16)
      nokogiri (>= 1.3.3)
      rack (>= 1.0.0)
      rack-test (>= 0.5.4)
      selenium-webdriver (~> 2.0)
      xpath (~> 1.0.0)
    childprocess (0.3.6)
      ffi (~> 1.0, >= 1.0.6)
    cocaine (0.4.2)
    coderay (1.0.8)
    columnize (0.3.6)
    configuration (1.3.2)
    daemons (1.1.9)
    database_cleaner (0.9.1)
    delayed_job (2.1.1)
      activesupport (~> 3.0)
      daemons
    diff-lcs (1.1.3)
    encryptor (1.1.3)
    erubis (2.6.6)
      abstract (>= 1.0.0)
    factory_girl (2.6.4)
      activesupport (>= 2.3.9)
    fakeweb (1.3.0)
    faraday (0.8.4)
      multipart-post (~> 1.1)
    fastercsv (1.5.5)
    ffi (1.2.0)
    friendly_id (3.1.7)
      babosa (~> 0.2.0)
    gdata (1.1.2)
    gdata19 (0.1.9.2)
    geokit (1.6.5)
      multi_json
    growl (1.0.3)
    guard (1.6.0)
      listen (>= 0.6.0)
      lumberjack (>= 1.0.2)
      pry (>= 0.9.10)
      thor (>= 0.14.6)
    guard-rspec (2.3.3)
      guard (>= 1.1)
      rspec (~> 2.11)
    hashie (1.2.0)
    hoptoad_notifier (2.4.11)
      activesupport
      builder
    hpricot (0.8.2)
    httparty (0.9.0)
      multi_json (~> 1.0)
      multi_xml
    i18n (0.5.0)
    jammit (0.6.5)
      yui-compressor (>= 0.9.3)
    json (1.7.5)
    launchy (0.3.7)
      configuration (>= 0.0.5)
      rake (>= 0.8.1)
    libwebsocket (0.1.7.1)
      addressable
      websocket
    linecache (0.46)
      rbx-require-relative (> 0.0.4)
    listen (0.6.0)
    lumberjack (1.0.2)
    mail (2.2.19)
      activesupport (>= 2.3.6)
      i18n (>= 0.4.0)
      mime-types (~> 1.16)
      treetop (~> 1.4.8)
    metaclass (0.0.1)
    method_source (0.8.1)
    mime-types (1.19)
    mocha (0.10.5)
      metaclass (~> 0.0.1)
    muck-activities (3.2.2)
      muck-comments
      muck-engine
      muck-users
    muck-auth (3.5.4)
      muck-engine
      muck-users
      omniauth (>= 0.2.6)
      overlord
    muck-comments (3.2.0)
      muck-engine
      muck-users
      nested_set
      sanitize
    muck-contacts (2.6.1)
      encryptor
      gdata
      gdata19
      hpricot (= 0.8.2)
      json (>= 1.1.1)
      oauth (>= 0.4.0)
    muck-contents (3.1.0)
      acts-as-taggable-on
      awesome_nested_set
      babelphish
      friendly_id
      muck-comments
      muck-engine
      muck-users
      sanitize
      tiny_mce
      uploader
    muck-engine (3.4.0)
      overlord
      validation_reflection
      will_paginate (~> 3.0.0)
    muck-friends (3.1.1)
      muck-engine
      muck-profiles
      muck-users
    muck-invites (3.5.0)
      hpricot
      muck-auth (>= 3.5.1)
      muck-contacts (>= 2.6.1)
      muck-engine (>= 3.3.4)
      muck-portablecontacts
    muck-portablecontacts (0.2.0)
      activesupport
      json
      oauth (>= 0.3.6)
    muck-profiles (3.1.5)
      muck-comments
      muck-contents
      muck-engine
      muck-raker
      muck-shares
      muck-users
      paperclip
      sanitize
      uploader
    muck-raker (3.1.0)
    muck-shares (3.2.0)
      muck-activities
      muck-comments
      muck-engine
      muck-invites
      muck-users
    muck-users (3.2.25)
      authlogic
      bcrypt-ruby
      friendly_id
      muck-engine
    multi_json (1.5.0)
    multi_xml (0.5.1)
    multipart-post (1.1.5)
    mysql (2.9.0)
    nested_set (1.7.1)
      activerecord (>= 3.0.0)
      railties (>= 3.0.0)
    newrelic_rpm (3.5.4.34)
    nokogiri (1.5.6)
    oauth (0.4.7)
    omniauth (1.1.1)
      hashie (~> 1.2)
      rack
    omniauth-oauth (1.0.1)
      oauth
      omniauth (~> 1.0)
    omniauth-twitter (0.0.14)
      multi_json (~> 1.3)
      omniauth-oauth (~> 1.0)
    open4 (1.3.0)
    overlord (3.0.2)
      httparty
      json
    paperclip (2.4.5)
      activerecord (>= 2.3.0)
      activesupport (>= 2.3.2)
      cocaine (>= 0.0.2)
      mime-types
    polyglot (0.3.3)
    pr_geohash (1.0.0)
    pry (0.9.10)
      coderay (~> 1.0.5)
      method_source (~> 0.8)
      slop (~> 3.3.1)
    rack (1.2.5)
    rack-mount (0.6.14)
      rack (>= 1.0.0)
    rack-test (0.5.7)
      rack (>= 1.0)
    rails (3.0.10)
      actionmailer (= 3.0.10)
      actionpack (= 3.0.10)
      activerecord (= 3.0.10)
      activeresource (= 3.0.10)
      activesupport (= 3.0.10)
      bundler (~> 1.0)
      railties (= 3.0.10)
    railties (3.0.10)
      actionpack (= 3.0.10)
      activesupport (= 3.0.10)
      rake (>= 0.8.7)
      rdoc (~> 3.4)
      thor (~> 0.14.4)
    rake (10.0.3)
    rbx-require-relative (0.0.9)
    rcov (1.0.0)
    rdoc (3.12)
      json (~> 1.4)
    recaptcha (0.3.4)
    rsolr (1.0.8)
      builder (>= 2.1.2)
    rspec (2.12.0)
      rspec-core (~> 2.12.0)
      rspec-expectations (~> 2.12.0)
      rspec-mocks (~> 2.12.0)
    rspec-core (2.12.2)
    rspec-expectations (2.12.1)
      diff-lcs (~> 1.1.3)
    rspec-mocks (2.12.1)
    rspec-rails (2.12.0)
      actionpack (>= 3.0)
      activesupport (>= 3.0)
      railties (>= 3.0)
      rspec-core (~> 2.12.0)
      rspec-expectations (~> 2.12.0)
      rspec-mocks (~> 2.12.0)
    ruby-debug (0.10.4)
      columnize (>= 0.1)
      ruby-debug-base (~> 0.10.4.0)
    ruby-debug-base (0.10.4)
      linecache (>= 0.3)
    rubyzip (0.9.9)
    sanitize (2.0.3)
      nokogiri (>= 1.4.4, < 1.6)
    selenium-webdriver (2.27.2)
      childprocess (>= 0.2.5)
      libwebsocket (~> 0.1.3)
      multi_json (~> 1.0)
      rubyzip
    shoulda (3.3.2)
      shoulda-context (~> 1.0.1)
      shoulda-matchers (~> 1.4.1)
    shoulda-context (1.0.2)
    shoulda-matchers (1.4.2)
      activesupport (>= 3.0.0)
      bourne (~> 1.1.2)
    simple_oauth (0.2.0)
    slop (3.3.3)
    spork (0.9.2)
    sunspot (1.3.3)
      pr_geohash (~> 1.0)
      rsolr (~> 1.0.7)
    sunspot_rails (1.3.3)
      nokogiri
      sunspot (= 1.3.3)
    sunspot_solr (1.3.3)
    thor (0.14.6)
    tiny_mce (0.1.8)
    treetop (1.4.12)
      polyglot
      polyglot (>= 0.3.1)
    twitter (4.4.2)
      faraday (~> 0.8)
      multi_json (~> 1.3)
      simple_oauth (~> 0.2)
    tzinfo (0.3.35)
    uploader (3.1.4)
      aws-s3
      mime-types
      paperclip
      rack
    validation_reflection (1.0.0)
    websocket (1.0.6)
    will_paginate (3.0.3)
    xml-simple (1.1.2)
    xpath (1.0.0)
      nokogiri (~> 1.3)
    ya2yaml (0.31)
    yui-compressor (0.9.6)
      POpen4 (>= 0.1.4)

PLATFORMS
  ruby

DEPENDENCIES
  acts-as-taggable-on
  authlogic!
  babelphish
  bcrypt-ruby (>= 2.1.1)
  capybara
  database_cleaner
  delayed_job (= 2.1.1)
  factory_girl (~> 2.6.4)
  fakeweb
  fastercsv
  friendly_id (= 3.1.7)
  geokit
  growl
  guard-rspec
  hoptoad_notifier
  jammit
  launchy (~> 0.3.5)
  muck-activities
  muck-comments
  muck-contents
  muck-engine (~> 3.4.0)
  muck-friends
  muck-invites (>= 3.4.0)
  muck-portablecontacts
  muck-profiles
  muck-shares
  muck-users
  mysql
  nested_set
  newrelic_rpm
  omniauth (~> 1.1.1)
  omniauth-twitter
  paperclip (~> 2.4.5)
  rack (>= 1.2.2)
  rails (= 3.0.10)
  rcov
  recaptcha
  rspec
  rspec-rails
  ruby-debug
  sanitize
  shoulda
  spork (~> 0.9.0.rc2)
  sunspot_rails
  sunspot_solr
  tiny_mce
  twitter (~> 4.4.2)
  uploader
  will_paginate (~> 3.0.0)
